GEM
  remote: https://rubygems.org/
  specs:
    colorize (1.1.0)
    console (1.27.0)
      fiber-annotation
      fiber-local (~> 1.1)
      json
    fiber-annotation (0.2.0)
    fiber-local (1.1.0)
      fiber-storage
    fiber-storage (1.0.0)
    json (2.7.2)
    lennarb (0.1.7)
      colorize (~> 1.1)
      console (~> 1.23)
      rack (~> 3.0, >= 3.0.8)
      zeitwerk (~> 2.6, >= 2.6.12)
    rack (3.1.7)
    zeitwerk (2.6.18)

PLATFORMS
  arm64-darwin-23
  ruby

DEPENDENCIES
  lennarb (~> 0.1.1)

BUNDLED WITH
   2.5.11
